GEM
  remote: http://rubygems.org/
  specs:
    actionpack (4.0.2)
      activesupport (= 4.0.2)
      builder (~> 3.1.0)
      erubis (~> 2.7.0)
      rack (~> 1.5.2)
      rack-test (~> 0.6.2)
    activemodel (4.0.2)
      activesupport (= 4.0.2)
      builder (~> 3.1.0)
    activesupport (4.0.2)
      i18n (~> 0.6, >= 0.6.4)
      minitest (~> 4.2)
      multi_json (~> 1.3)
      thread_safe (~> 0.1)
      tzinfo (~> 0.3.37)
    addressable (2.3.5)
    amq-protocol (1.9.2)
    async-rack (0.5.1)
      rack (~> 1.1)
    atomic (1.1.14)
    builder (3.1.4)
    bunny (1.1.1)
      amq-protocol (>= 1.9.2)
    celluloid (0.15.2)
      timers (~> 1.1.0)
    coderay (1.1.0)
    diff-lcs (1.2.5)
    em-synchrony (1.0.3)
      eventmachine (>= 1.0.0.beta.1)
    em-websocket (0.3.8)
      addressable (>= 2.1.1)
      eventmachine (>= 0.12.9)
    erubis (2.7.0)
    eventmachine (1.0.3)
    ffi (1.9.3)
    formatador (0.2.4)
    goliath (1.0.3)
      async-rack
      em-synchrony (>= 1.0.0)
      em-websocket (= 0.3.8)
      eventmachine (>= 1.0.0.beta.4)
      http_parser.rb (= 0.6.0.beta.2)
      log4r
      multi_json
      rack (>= 1.2.2)
      rack-contrib
      rack-respond_to
    guard (2.3.0)
      formatador (>= 0.2.4)
      listen (~> 2.1)
      lumberjack (~> 1.0)
      pry (>= 0.9.12)
      thor (>= 0.18.1)
    guard-rspec (4.2.5)
      guard (~> 2.1)
      rspec (>= 2.14, < 4.0)
    http_parser.rb (0.6.0.beta.2)
    i18n (0.6.9)
    listen (2.4.0)
      celluloid (>= 0.15.2)
      rb-fsevent (>= 0.9.3)
      rb-inotify (>= 0.9)
    log4r (1.1.10)
    lumberjack (1.0.4)
    method_source (0.8.2)
    minitest (4.7.5)
    multi_json (1.8.4)
    pry (0.9.12.6)
      coderay (~> 1.0)
      method_source (~> 0.8)
      slop (~> 3.4)
    rack (1.5.2)
    rack-accept-media-types (0.9)
    rack-contrib (1.1.0)
      rack (>= 0.9.1)
    rack-respond_to (0.9.8)
      rack-accept-media-types (>= 0.6)
    rack-test (0.6.2)
      rack (>= 1.0)
    railties (4.0.2)
      actionpack (= 4.0.2)
      activesupport (= 4.0.2)
      rake (>= 0.8.7)
      thor (>= 0.18.1, < 2.0)
    rake (10.1.1)
    rb-fsevent (0.9.4)
    rb-inotify (0.9.3)
      ffi (>= 0.5.0)
    rspec (2.14.1)
      rspec-core (~> 2.14.0)
      rspec-expectations (~> 2.14.0)
      rspec-mocks (~> 2.14.0)
    rspec-core (2.14.7)
    rspec-expectations (2.14.5)
      diff-lcs (>= 1.1.3, < 2.0)
    rspec-mocks (2.14.5)
    slop (3.4.7)
    strong_parameters (0.1.4)
      actionpack (>= 3.2.0)
      activemodel (>= 3.2.0)
      railties (>= 3.2.0)
    thor (0.18.1)
    thread_safe (0.1.3)
      atomic
    timers (1.1.0)
    tzinfo (0.3.38)

PLATFORMS
  ruby

DEPENDENCIES
  bunny (~> 1.1.1)
  em-websocket
  goliath (~> 1.0.3)
  guard-rspec (~> 4.2.5)
  rack (~> 1.5.2)
  rake (~> 10.1.1)
  rspec (~> 2.14.1)
  strong_parameters
